GEM
  remote: https://rubygems.org/
  specs:
    addressable (2.3.8)
    backports (3.6.5)
    bcrypt (3.1.10)
    bcrypt-ruby (3.1.5)
      bcrypt (>= 3.1.3)
    crack (0.4.3)
      safe_yaml (~> 1.0.0)
    data_mapper (1.2.0)
      dm-aggregates (~> 1.2.0)
      dm-constraints (~> 1.2.0)
      dm-core (~> 1.2.0)
      dm-migrations (~> 1.2.0)
      dm-serializer (~> 1.2.0)
      dm-timestamps (~> 1.2.0)
      dm-transactions (~> 1.2.0)
      dm-types (~> 1.2.0)
      dm-validations (~> 1.2.0)
    data_objects (0.10.16)
      addressable (~> 2.1)
    descendants_tracker (0.0.4)
      thread_safe (~> 0.3, >= 0.3.1)
    diff-lcs (1.2.5)
    dm-aggregates (1.2.0)
      dm-core (~> 1.2.0)
    dm-constraints (1.2.0)
      dm-core (~> 1.2.0)
    dm-core (1.2.1)
      addressable (~> 2.3)
    dm-do-adapter (1.2.0)
      data_objects (~> 0.10.6)
      dm-core (~> 1.2.0)
    dm-migrations (1.2.0)
      dm-core (~> 1.2.0)
    dm-mysql-adapter (1.2.0)
      dm-do-adapter (~> 1.2.0)
      do_mysql (~> 0.10.6)
    dm-serializer (1.2.2)
      dm-core (~> 1.2.0)
      fastercsv (~> 1.5)
      json (~> 1.6)
      json_pure (~> 1.6)
      multi_json (~> 1.0)
    dm-sqlite-adapter (1.2.0)
      dm-do-adapter (~> 1.2.0)
      do_sqlite3 (~> 0.10.6)
    dm-timestamps (1.2.0)
      dm-core (~> 1.2.0)
    dm-transactions (1.2.0)
      dm-core (~> 1.2.0)
    dm-types (1.2.2)
      bcrypt-ruby (~> 3.0)
      dm-core (~> 1.2.0)
      fastercsv (~> 1.5)
      json (~> 1.6)
      multi_json (~> 1.0)
      stringex (~> 1.4)
      uuidtools (~> 2.1)
    dm-validations (1.2.0)
      dm-core (~> 1.2.0)
    do_mysql (0.10.16)
      data_objects (= 0.10.16)
    do_sqlite3 (0.10.16)
      data_objects (= 0.10.16)
    dotenv (2.0.2)
    faraday (0.9.2)
      multipart-post (>= 1.2, < 3)
    fastercsv (1.5.5)
    foreman (0.78.0)
      thor (~> 0.19.1)
    github_api (0.13.0)
      addressable (~> 2.3)
      descendants_tracker (~> 0.0.4)
      faraday (~> 0.8, < 0.10)
      hashie (>= 3.4)
      multi_json (>= 1.7.5, < 2.0)
      nokogiri (~> 1.6.6)
      oauth2
    hashdiff (0.3.0)
    hashie (3.4.3)
    json (1.8.3)
    json_pure (1.8.2)
    jwt (1.5.1)
    mini_portile2 (2.0.0)
    multi_json (1.11.2)
    multi_xml (0.5.5)
    multipart-post (2.0.0)
    nokogiri (1.6.7.2)
      mini_portile2 (~> 2.0.0.rc2)
    oauth2 (1.1.0)
      faraday (>= 0.8, < 0.10)
      jwt (~> 1.0, < 1.5.2)
      multi_json (~> 1.3)
      multi_xml (~> 0.5)
      rack (>= 1.2, < 3)
    rack (1.6.4)
    rack-protection (1.5.3)
      rack
    rack-test (0.6.3)
      rack (>= 1.0)
    rake (10.4.2)
    rspec (3.3.0)
      rspec-core (~> 3.3.0)
      rspec-expectations (~> 3.3.0)
      rspec-mocks (~> 3.3.0)
    rspec-core (3.3.2)
      rspec-support (~> 3.3.0)
    rspec-expectations (3.3.1)
      diff-lcs (>= 1.2.0, < 2.0)
      rspec-support (~> 3.3.0)
    rspec-mocks (3.3.2)
      diff-lcs (>= 1.2.0, < 2.0)
      rspec-support (~> 3.3.0)
    rspec-support (3.3.0)
    safe_yaml (1.0.4)
    sinatra (1.4.6)
      rack (~> 1.4)
      rack-protection (~> 1.4)
      tilt (>= 1.3, < 3)
    sinatra-contrib (1.4.6)
      backports (>= 2.0)
      multi_json
      rack-protection
      rack-test
      sinatra (~> 1.4.0)
      tilt (>= 1.3, < 3)
    slim (3.0.6)
      temple (~> 0.7.3)
      tilt (>= 1.3.3, < 2.1)
    stringex (1.5.1)
    temple (0.7.6)
    thor (0.19.1)
    thread_safe (0.3.5)
    tilt (1.4.1)
    uuidtools (2.1.5)
    vcr (3.0.1)
    webmock (1.24.2)
      addressable (>= 2.3.6)
      crack (>= 0.3.2)
      hashdiff

PLATFORMS
  ruby

DEPENDENCIES
  data_mapper
  dm-aggregates
  dm-core
  dm-migrations
  dm-mysql-adapter
  dm-sqlite-adapter
  dm-timestamps
  dm-validations
  dotenv
  foreman
  github_api
  json (>= 1.8.3)
  rack-test
  rake
  rspec
  sinatra
  sinatra-contrib
  slim
  vcr
  webmock

BUNDLED WITH
   1.11.2
